PATH
  remote: .
  specs:
    jeweler (1.5.0.pre5)
      bundler (~> 1.0.0)
      git (>= 1.2.5)
      rake
      thor (~> 0.14.0)

GEM
  remote: http://rubygems.org/
  specs:
    activesupport (2.3.10)
    bluecloth (2.0.9)
    builder (2.1.2)
    cucumber (0.9.3)
      builder (~> 2.1.2)
      diff-lcs (~> 1.1.2)
      gherkin (~> 2.2.9)
      json (~> 1.4.6)
      term-ansicolor (~> 1.0.5)
    diff-lcs (1.1.2)
    gherkin (2.2.9)
      json (~> 1.4.6)
      term-ansicolor (~> 1.0.5)
    git (1.2.5)
    json (1.4.6)
    mocha (0.9.9)
      rake
    rake (0.8.7)
    rcov (0.9.8)
    rr (0.10.11)
    shoulda (2.11.3)
    term-ansicolor (1.0.5)
    test-construct (1.2.0)
    thor (0.14.3)
    timecop (0.3.5)
    yard (0.6.1)

PLATFORMS
  ruby

DEPENDENCIES
  activesupport (~> 2.3.5)
  bluecloth
  bundler (~> 1.0.0)
  cucumber
  git (>= 1.2.5)
  jeweler!
  mocha
  rake
  rcov
  rr
  shoulda
  test-construct
  thor (~> 0.14.0)
  timecop
  yard (~> 0.6.0)
